GEM
  remote: https://rubygems.org/
  specs:
    awesome_print (1.6.1)
    aws-sdk (2.4.0)
      aws-sdk-resources (= 2.4.0)
    aws-sdk-core (2.4.0)
      jmespath (~> 1.0)
    aws-sdk-resources (2.4.0)
      aws-sdk-core (= 2.4.0)
    jmespath (1.3.1)

PLATFORMS
  ruby

DEPENDENCIES
  awesome_print
  aws-sdk

BUNDLED WITH
   1.12.1
